GEM
  remote: http://rubygems.org/
  specs:
    celluloid (0.12.4)
      facter (>= 1.6.12)
      timers (>= 1.0.0)
    coderay (1.0.9)
    facter (1.6.17)
    method_source (0.8.1)
    mixlib-shellout (1.1.0)
    net-scp (1.1.0)
      net-ssh (>= 2.6.5)
    net-ssh (2.6.5)
    pry (0.9.12)
      coderay (~> 1.0.5)
      method_source (~> 0.8)
      slop (~> 3.4)
    safe_yaml (0.8.3)
    slop (3.4.3)
    test-kitchen (1.0.0.alpha.0)
      celluloid
      mixlib-shellout
      net-scp
      net-ssh
      pry
      safe_yaml
      thor
    thor (0.17.0)
    timers (1.1.0)

PLATFORMS
  ruby

DEPENDENCIES
  test-kitchen (< 1.0)
